GEM
  remote: https://rubygems.org/
  specs:
    aws-eventstream (1.2.0)
    aws-partitions (1.610.0)
    aws-sdk-core (3.131.3)
      aws-eventstream (~> 1, >= 1.0.2)
      aws-partitions (~> 1, >= 1.525.0)
      aws-sigv4 (~> 1.1)
      jmespath (~> 1, >= 1.6.1)
    aws-sdk-kms (1.58.0)
      aws-sdk-core (~> 3, >= 3.127.0)
      aws-sigv4 (~> 1.1)
    aws-sdk-s3 (1.114.0)
      aws-sdk-core (~> 3, >= 3.127.0)
      aws-sdk-kms (~> 1)
      aws-sigv4 (~> 1.4)
    aws-sigv4 (1.5.1)
      aws-eventstream (~> 1, >= 1.0.2)
    bigdecimal (3.1.2)
    coderay (1.1.3)
    dotenv (2.7.6)
    extpp (0.1.0)
    fiddle (1.1.0)
    gio2 (3.5.1)
      fiddle
      gobject-introspection (= 3.5.1)
    glib2 (3.5.1)
      native-package-installer (>= 1.0.3)
      pkg-config (>= 1.3.5)
    gobject-introspection (3.5.1)
      glib2 (= 3.5.1)
    jmespath (1.6.1)
    method_source (1.0.0)
    native-package-installer (1.1.5)
    pkg-config (1.4.7)
    pry (0.14.1)
      coderay (~> 1.1)
      method_source (~> 1.0)
    red-arrow (8.0.0)
      bigdecimal (>= 2.0.3)
      extpp (>= 0.0.7)
      gio2 (>= 3.5.0)
      native-package-installer
      pkg-config
    red-arrow-dataset (8.0.0)
      red-arrow (= 8.0.0)
    red-parquet (8.0.0)
      red-arrow (= 8.0.0)

PLATFORMS
  x86_64-darwin-21

DEPENDENCIES
  aws-sdk-s3 (~> 1)
  dotenv
  pry
  red-arrow
  red-arrow-dataset
  red-parquet

BUNDLED WITH
   2.3.17
